PATH
  remote: ../../ruby
  specs:
    helix_runtime (0.5.0)
      rake (~> 10.0)

PATH
  remote: .
  specs:
    duration (0.1.0)
      helix_runtime

GEM
  remote: https://rubygems.org/
  specs:
    activesupport (5.0.2)
      concurrent-ruby (~> 1.0, >= 1.0.2)
      i18n (~> 0.7)
      minitest (~> 5.1)
      tzinfo (~> 1.1)
    concurrent-ruby (1.0.5)
    i18n (0.8.1)
    minitest (5.8.3)
    rake (10.5.0)
    thread_safe (0.3.6)
    tzinfo (1.2.2)
      thread_safe (~> 0.1)

PLATFORMS
  ruby
  x64-mingw32
  x86-mingw32

DEPENDENCIES
  activesupport
  bundler (~> 1.11)
  duration!
  helix_runtime!
  minitest (~> 5.0)
  rake (~> 10.0)

BUNDLED WITH
   1.14.6
